PATH
  remote: .
  specs:
    ColonialTwilight (0.1.0)
      colorize

GEM
  remote: http://rubygems.org/
  specs:
    colorize (0.8.1)

PLATFORMS
  ruby

DEPENDENCIES
  ColonialTwilight!

BUNDLED WITH
   2.1.4
